GEM
  remote: https://rubygems.org/
  specs:
    mini_portile2 (2.4.0)
    nokogiri (1.10.4)
      mini_portile2 (~> 2.4.0)
    vulnerable-nokogiri (0.0.1)
      nokogiri (>= 1.5.6)

PLATFORMS
  ruby

DEPENDENCIES
  nokogiri (>= 1.8.3)
  vulnerable-nokogiri (>= 0.0.1)

BUNDLED WITH
   1.17.3
