GEM
  remote: https://rubygems.org/
  specs:
    mini_portile2 (2.6.1)
    nokogiri (1.12.4)
      mini_portile2 (~> 2.6.1)
      racc (~> 1.4)
    racc (1.5.2)
    vulnerable-nokogiri (0.0.1)
      nokogiri (>= 1.5.6)

PLATFORMS
  ruby

DEPENDENCIES
  nokogiri (>= 1.8.2)
  vulnerable-nokogiri (>= 0.0.1)

BUNDLED WITH
   1.17.3
