GEM
  remote: https://rubygems.org/
  specs:
    mini_portile2 (2.1.0)
    nokogiri (1.6.8.1)
      mini_portile2 (~> 2.1.0)
    vulnerable-nokogiri (0.0.1)
      nokogiri (>= 1.5.6)

PLATFORMS
  ruby

DEPENDENCIES
  nokogiri (~> 1.6.8)
  vulnerable-nokogiri

BUNDLED WITH
   1.13.6
