GEM
  remote: https://rubygems.org/
  specs:
    mini_portile2 (2.1.0)
    nokogiri (1.6.8.1)
      mini_portile2 (~> 2.1.0)
    ratom-nokogiri (0.10.4)
      nokogiri (>= 1.5.6, < 1.7)

PLATFORMS
  ruby

DEPENDENCIES
  nokogiri
  ratom-nokogiri

BUNDLED WITH
   1.13.6
