GEM
  remote: https://rubygems.org/
  specs:
    mini_portile (0.6.2)
    nokogiri (1.6.6.4)
      mini_portile (~> 0.6.0)
    vulnerable-nokogiri (0.0.0)
      nokogiri (>= 1.5.6, < 1.6.7.1)

PLATFORMS
  ruby

DEPENDENCIES
  nokogiri
  vulnerable-nokogiri

BUNDLED WITH
   1.13.6
